PATH
  remote: /home/guten/dev/one/optimism
  specs:
    optimism (3.0.4)
      hike (~> 1.2.0)

GEM
  remote: http://rubygems.org/
  specs:
    activesupport (3.1.3)
      multi_json (~> 1.0)
    diff-lcs (1.1.3)
    hike (1.2.1)
    multi_json (1.0.4)
    pa (1.0.3)
      tagen (~> 1.0.0)
    pd (1.0.3)
    rag (1.0.7)
      pa (~> 1.0.0)
      tagen (~> 1.0.0)
      thor (~> 0.14.0)
    rspec (2.8.0)
      rspec-core (~> 2.8.0)
      rspec-expectations (~> 2.8.0)
      rspec-mocks (~> 2.8.0)
    rspec-core (2.8.0)
    rspec-expectations (2.8.0)
      diff-lcs (~> 1.1.2)
    rspec-mocks (2.8.0)
    tagen (1.0.4)
      activesupport
      pd
    thor (0.14.6)
    watchr (0.7)

PLATFORMS
  ruby

DEPENDENCIES
  optimism!
  rag
  rspec
  thor
  watchr
